GEM
  remote: http://rubygems.org/
  specs:
    ZenTest (4.5.0)
    activemodel (3.0.9)
      activesupport (= 3.0.9)
      builder (~> 2.1.2)
      i18n (~> 0.5.0)
    activerecord (3.0.9)
      activemodel (= 3.0.9)
      activesupport (= 3.0.9)
      arel (~> 2.0.10)
      tzinfo (~> 0.3.23)
    activesupport (3.0.9)
    addressable (2.2.7)
    archive-tar-minitar (0.5.2)
    arel (2.0.10)
    autotest (4.4.6)
      ZenTest (>= 4.4.1)
    autotest-growl (0.2.9)
    builder (2.1.2)
    columnize (0.3.6)
    crack (0.3.1)
    diff-lcs (1.1.3)
    geokit (1.6.0)
    git (1.2.5)
    growl (1.0.3)
    growl_notify (0.0.3)
      rb-appscript
    guard (0.8.4)
      thor (~> 0.14.6)
    guard-bundler (0.1.3)
      bundler (>= 1.0.0)
      guard (>= 0.2.2)
    guard-rspec (0.5.0)
      guard (>= 0.8.4)
    i18n (0.5.0)
    jeweler (1.6.4)
      bundler (~> 1.0)
      git (>= 1.2.5)
      rake
    json (1.5.3)
    linecache19 (0.5.13)
      ruby_core_source (>= 0.1.4)
    mime-types (1.17.2)
    mysql2 (0.2.18)
    rake (0.9.2)
    rb-appscript (0.6.1)
    rb-fsevent (0.4.3.1)
    rcov (0.9.9)
    rspec (2.8.0)
      rspec-core (~> 2.8.0)
      rspec-expectations (~> 2.8.0)
      rspec-mocks (~> 2.8.0)
    rspec-core (2.8.0)
    rspec-expectations (2.8.0)
      diff-lcs (~> 1.1.2)
    rspec-mocks (2.8.0)
    ruby-debug-base19 (0.11.26)
      columnize (>= 0.3.1)
      linecache19 (>= 0.5.11)
      ruby_core_source (>= 0.1.4)
    ruby-debug19 (0.11.6)
      columnize (>= 0.3.1)
      linecache19 (>= 0.5.11)
      ruby-debug-base19 (>= 0.11.19)
    ruby_core_source (0.1.5)
      archive-tar-minitar (>= 0.5.2)
    thor (0.14.6)
    typhoeus (0.3.3)
      mime-types
    tzinfo (0.3.29)
    webmock (1.8.3)
      addressable (>= 2.2.7)
      crack (>= 0.1.7)
    will_paginate (3.0.3)

PLATFORMS
  ruby

DEPENDENCIES
  ZenTest (= 4.5.0)
  activerecord (~> 3.0.7)
  activesupport
  autotest
  autotest-growl
  bundler (~> 1.0.0)
  geokit
  growl
  growl_notify
  guard
  guard-bundler
  guard-rspec
  i18n
  jeweler (~> 1.6.0)
  json
  mysql2 (~> 0.2.18)
  rb-fsevent
  rcov
  rspec (~> 2.8.0)
  ruby-debug19
  typhoeus (= 0.3.3)
  webmock
  will_paginate
