GEM
  remote: http://rubygems.org/
  specs:
    ZenTest (4.5.0)
    activemodel (3.0.9)
      activesupport (= 3.0.9)
      builder (~> 2.1.2)
      i18n (~> 0.5.0)
    activerecord (3.0.9)
      activemodel (= 3.0.9)
      activesupport (= 3.0.9)
      arel (~> 2.0.10)
      tzinfo (~> 0.3.23)
    activesupport (3.0.9)
    addressable (2.2.7)
    arel (2.0.10)
    builder (2.1.2)
    columnize (0.3.6)
    crack (0.3.1)
    debugger (1.2.0)
      columnize (>= 0.3.1)
      debugger-linecache (~> 1.1.1)
      debugger-ruby_core_source (~> 1.1.3)
    debugger-linecache (1.1.2)
      debugger-ruby_core_source (>= 1.1.1)
    debugger-ruby_core_source (1.1.3)
    diff-lcs (1.1.3)
    ffi (1.1.5)
    foreman (0.51.0)
      thor (>= 0.13.6)
    geokit (1.6.0)
    git (1.2.5)
    growl (1.0.3)
    guard (1.3.2)
      listen (>= 0.4.2)
      thor (>= 0.14.6)
    i18n (0.5.0)
    jeweler (1.6.4)
      bundler (~> 1.0)
      git (>= 1.2.5)
      rake
    json (1.5.3)
    listen (0.4.7)
      rb-fchange (~> 0.0.5)
      rb-fsevent (~> 0.9.1)
      rb-inotify (~> 0.8.8)
    mime-types (1.17.2)
    mysql2 (0.2.18)
    rake (0.9.2)
    rb-fchange (0.0.5)
      ffi
    rb-fsevent (0.9.1)
    rb-inotify (0.8.8)
      ffi (>= 0.5.0)
    rcov (0.9.9)
    rspec (2.11.0)
      rspec-core (~> 2.11.0)
      rspec-expectations (~> 2.11.0)
      rspec-mocks (~> 2.11.0)
    rspec-core (2.11.1)
    rspec-expectations (2.11.2)
      diff-lcs (~> 1.1.3)
    rspec-mocks (2.11.2)
    thor (0.14.6)
    typhoeus (0.3.3)
      mime-types
    tzinfo (0.3.29)
    webmock (1.8.3)
      addressable (>= 2.2.7)
      crack (>= 0.1.7)
    will_paginate (3.0.3)

PLATFORMS
  ruby

DEPENDENCIES
  ZenTest (= 4.5.0)
  activerecord (~> 3.0.7)
  activesupport
  debugger
  foreman
  geokit
  growl (= 1.0.3)
  guard (= 1.3.2)
  i18n
  jeweler (~> 1.6.0)
  json
  mysql2 (~> 0.2.18)
  rb-fsevent (= 0.9.1)
  rcov
  rspec (~> 2.11.0)
  typhoeus (= 0.3.3)
  webmock
  will_paginate
